GEM
  remote: https://rubygems.org/
  specs:
    apia (3.2.0)
      json
      rack
    coderay (1.1.3)
    diff-lcs (1.5.0)
    json (2.6.3)
    method_source (1.0.0)
    pry (0.14.1)
      coderay (~> 1.1)
      method_source (~> 1.0)
    pry-remote (0.1.8)
      pry (~> 0.9)
      slop (~> 3.0)
    rack (3.0.2)
    rack-cors (1.1.1)
      rack (>= 2.0.0)
    rack_csrf (2.7.0)
      rack (>= 1.1.0)
    rspec (3.12.0)
      rspec-core (~> 3.12.0)
      rspec-expectations (~> 3.12.0)
      rspec-mocks (~> 3.12.0)
    rspec-core (3.12.0)
      rspec-support (~> 3.12.0)
    rspec-expectations (3.12.0)
      diff-lcs (>= 1.2.0, < 2.0)
      rspec-support (~> 3.12.0)
    rspec-mocks (3.12.1)
      diff-lcs (>= 1.2.0, < 2.0)
      rspec-support (~> 3.12.0)
    rspec-support (3.12.0)
    slop (3.6.0)

PLATFORMS
  arm64-darwin-21

DEPENDENCIES
  apia (~> 3.0)
  pry-remote
  rack
  rack-cors
  rack_csrf
  rspec

BUNDLED WITH
   2.3.23
