GEM
  remote: https://rubygems.org/
  specs:
    apia (3.2.0)
      json
      rack
    coderay (1.1.3)
    faraday (2.7.1)
      faraday-net_http (>= 2.0, < 3.1)
      ruby2_keywords (>= 0.0.4)
    faraday-net_http (3.0.2)
    hashie (5.0.0)
    json (2.6.2)
    jwt (2.5.0)
    method_source (1.0.0)
    multi_xml (0.6.0)
    oauth2 (2.0.9)
      faraday (>= 0.17.3, < 3.0)
      jwt (>= 1.0, < 3.0)
      multi_xml (~> 0.5)
      rack (>= 1.2, < 4)
      snaky_hash (~> 2.0)
      version_gem (~> 1.1)
    omniauth (2.1.0)
      hashie (>= 3.4.6)
      rack (>= 2.2.3)
      rack-protection
    omniauth-github (2.0.1)
      omniauth (~> 2.0)
      omniauth-oauth2 (~> 1.8)
    omniauth-oauth2 (1.8.0)
      oauth2 (>= 1.4, < 3)
      omniauth (~> 2.0)
    pry (0.14.1)
      coderay (~> 1.1)
      method_source (~> 1.0)
    pry-remote (0.1.8)
      pry (~> 0.9)
      slop (~> 3.0)
    rack (3.0.1)
    rack-cors (1.1.1)
      rack (>= 2.0.0)
    rack-protection (3.0.4)
      rack
    rack_csrf (2.7.0)
      rack (>= 1.1.0)
    ruby2_keywords (0.0.5)
    slop (3.6.0)
    snaky_hash (2.0.1)
      hashie
      version_gem (~> 1.1, >= 1.1.1)
    version_gem (1.1.1)

PLATFORMS
  arm64-darwin-21

DEPENDENCIES
  apia (~> 3.0)
  omniauth
  omniauth-github
  pry-remote
  rack
  rack-cors
  rack_csrf

BUNDLED WITH
   2.3.23
